GIT
  remote: git://github.com/maccman/guard-sprockets2.git
  revision: e2883010e38007bb7e4161fe5f8e3e8db8069c2d
  specs:
    guard-sprockets2 (0.0.2)
      guard
      sprockets (~> 2.0)

GEM
  remote: http://rubygems.org/
  specs:
    coffee-script (2.2.0)
      coffee-script-source
      execjs
    coffee-script-source (1.3.1)
    eco (1.0.0)
      coffee-script
      eco-source
      execjs
    eco-source (1.1.0.rc.1)
    execjs (1.3.0)
      multi_json (~> 1.0)
    ffi (1.0.11)
    growl (1.0.3)
    guard (1.0.1)
      ffi (>= 0.5.0)
      thor (~> 0.14.6)
    hike (1.2.1)
    multi_json (1.3.2)
    rack (1.4.1)
    rb-fsevent (0.9.1)
    sprockets (2.4.0)
      hike (~> 1.2)
      multi_json (~> 1.0)
      rack (~> 1.0)
      tilt (~> 1.1, != 1.3.0)
    thor (0.14.6)
    tilt (1.3.3)
    uglifier (1.2.4)
      execjs (>= 0.3.0)
      multi_json (>= 1.0.2)

PLATFORMS
  ruby

DEPENDENCIES
  coffee-script
  eco
  growl
  guard-sprockets2!
  rb-fsevent
  sprockets
  uglifier
